GEM
  remote: https://rubygems.org/
  specs:
    ffi (1.16.3)
    natto (1.2.0)
      ffi (>= 1.9.0)

PLATFORMS
  ruby

DEPENDENCIES
  natto

RUBY VERSION
   ruby 2.6.0p0

BUNDLED WITH
   1.17.2
